PATH
  remote: .
  specs:
    hamburglar (0.0.0)

GEM
  remote: http://rubygems.org/
  specs:
    diff-lcs (1.1.2)
    fakeweb (1.3.0)
    rake (0.8.7)
    rspec (2.6.0)
      rspec-core (~> 2.6.0)
      rspec-expectations (~> 2.6.0)
      rspec-mocks (~> 2.6.0)
    rspec-core (2.6.3)
    rspec-expectations (2.6.0)
      diff-lcs (~> 1.1.2)
    rspec-mocks (2.6.0)
    vcr (1.10.0)

PLATFORMS
  java
  ruby

DEPENDENCIES
  fakeweb (~> 1.3.0)
  hamburglar!
  rake (~> 0.8.7)
  rspec (~> 2.6)
  vcr (~> 1.10)
